GEM
  remote: http://rubygems.org/
  specs:
    haml (3.0.23)
    proxies (0.2.1)
    rack (1.2.1)
    rake (0.8.7)
    ruby-mp3info (0.6.13)
    s3 (0.3.7)
      proxies
    sinatra (1.1.0)
      rack (~> 1.1)
      tilt (~> 1.1)
    tilt (1.1)

PLATFORMS
  ruby

DEPENDENCIES
  haml
  rake
  ruby-mp3info
  s3
  sinatra
